PATH
  remote: .
  specs:
    simple_crudify (0.0.1)

GEM
  remote: https://rubygems.org/
  specs:
    rake (10.5.0)

PLATFORMS
  ruby

DEPENDENCIES
  bundler (~> 1.16)
  rake (~> 10.0)
  simple_crudify!

BUNDLED WITH
   1.16.1
